PATH
  remote: .
  specs:
    bluekai_middleware (0.5.0)
      activesupport (~> 3.1)
      faraday (>= 0.7.6, < 0.9.0)
      rack (~> 1.3)

GEM
  remote: http://rubygems.org/
  specs:
    activesupport (3.2.14)
      i18n (~> 0.6, >= 0.6.4)
      multi_json (~> 1.0)
    appraisal (0.5.2)
      bundler
      rake
    builder (3.2.2)
    ci_reporter (1.7.3)
      builder (>= 2.1.2)
    diff-lcs (1.2.5)
    faraday (0.8.7)
      multipart-post (~> 1.1)
    i18n (0.6.5)
    multi_json (1.7.6)
    multipart-post (1.2.0)
    rack (1.5.2)
    rake (0.9.2.2)
    rdiscount (1.6.8)
    rspec (2.14.1)
      rspec-core (~> 2.14.0)
      rspec-expectations (~> 2.14.0)
      rspec-mocks (~> 2.14.0)
    rspec-core (2.14.7)
    rspec-expectations (2.14.4)
      diff-lcs (>= 1.1.3, < 2.0)
    rspec-mocks (2.14.4)
    simplecov (0.7.1)
      multi_json (~> 1.0)
      simplecov-html (~> 0.7.1)
    simplecov-html (0.7.1)
    simplecov-rcov (0.2.3)
      simplecov (>= 0.4.1)
    yard (0.8.2.1)

PLATFORMS
  ruby

DEPENDENCIES
  appraisal (~> 0.5.2)
  bluekai_middleware!
  ci_reporter (~> 1.7.0)
  rake (~> 0.9.2.2)
  rdiscount (~> 1.6.8)
  rspec (~> 2.14.0)
  simplecov (~> 0.7.1)
  simplecov-rcov (~> 0.2.3)
  yard (~> 0.8.2.1)
